GEM
  remote: http://rubygems.org/
  specs:
    coffee-script (2.2.0)
      coffee-script-source
      execjs
    coffee-script-source (1.4.0)
    execjs (1.4.0)
      multi_json (~> 1.0)
    multi_json (1.5.0)
    sass (3.2.5)
    slim (1.3.6)
      temple (~> 0.5.5)
      tilt (~> 1.3.3)
    temple (0.5.5)
    thor (0.17.0)
    tilt (1.3.3)

PLATFORMS
  ruby

DEPENDENCIES
  coffee-script
  sass
  slim
  thor
